GEM
  remote: https://rubygems.org/
  specs:
    ansi (1.4.3)
    aws-sdk-core (2.0.17)
      builder (~> 3.0)
      jmespath (~> 1.0)
      multi_json (~> 1.0)
      multi_xml (~> 0.5)
    builder (3.2.2)
    hashie (3.3.2)
    itamae (1.1.1)
      ansi
      hashie
      specinfra (~> 2.1)
      thor
    itamae-plugin-recipe-rbenv (0.1.1)
    jmespath (1.0.2)
      multi_json (~> 1.0)
    multi_json (1.10.1)
    multi_xml (0.5.5)
    net-scp (1.2.1)
      net-ssh (>= 2.6.5)
    net-ssh (2.9.1)
    specinfra (2.11.2)
      net-scp
      net-ssh
    thor (0.19.1)

PLATFORMS
  ruby

DEPENDENCIES
  aws-sdk-core
  itamae
  itamae-plugin-recipe-rbenv
